PATH
  remote: ../config_file
  specs:
    config_file (0.1.0)
      railties (>= 5.0)

PATH
  remote: .
  specs:
    canvas_cache (0.1.0)
      activesupport
      config_file
      digest-murmurhash (>= 1.1.0)
      guardrail (>= 2.0.0)
      inst_statsd (>= 2.1.0)
      redis (>= 4.1.0)
      redis-scripting (>= 1.0.0)
      sentry-ruby (~> 5.10)

GEM
  remote: https://rubygems.org/
  specs:
    actionpack (7.1.3.2)
      actionview (= 7.1.3.2)
      activesupport (= 7.1.3.2)
      nokogiri (>= 1.8.5)
      racc
      rack (>= 2.2.4)
      rack-session (>= 1.0.1)
      rack-test (>= 0.6.3)
      rails-dom-testing (~> 2.2)
      rails-html-sanitizer (~> 1.6)
    actionview (7.1.3.2)
      activesupport (= 7.1.3.2)
      builder (~> 3.1)
      erubi (~> 1.11)
      rails-dom-testing (~> 2.2)
      rails-html-sanitizer (~> 1.6)
    activemodel (7.1.3.2)
      activesupport (= 7.1.3.2)
    activerecord (7.1.3.2)
      activemodel (= 7.1.3.2)
      activesupport (= 7.1.3.2)
      timeout (>= 0.4.0)
    activesupport (7.1.3.2)
      base64
      bigdecimal
      concurrent-ruby (~> 1.0, >= 1.0.2)
      connection_pool (>= 2.2.5)
      drb
      i18n (>= 1.6, < 2)
      minitest (>= 5.1)
      mutex_m
      tzinfo (~> 2.0)
    aroi (1.0.0)
      activerecord (>= 5.2)
      activesupport (>= 5.2)
    base64 (0.2.0)
    bigdecimal (3.1.6)
    builder (3.2.4)
    byebug (11.1.3)
    concurrent-ruby (1.2.3)
    connection_pool (2.4.1)
    crass (1.0.6)
    diff-lcs (1.5.0)
    digest-murmurhash (1.1.1)
    dogstatsd-ruby (5.6.0)
    drb (2.2.1)
    erubi (1.12.0)
    guardrail (3.0.3)
      activerecord (>= 6.1, < 7.2)
      railties (>= 6.1, < 7.2)
    i18n (1.14.1)
      concurrent-ruby (~> 1.0)
    inst_statsd (3.0.4)
      aroi (>= 0.0.7)
      dogstatsd-ruby (>= 4.2, < 6.0, != 5.0.0)
      statsd-ruby (~> 1.0)
    io-console (0.7.2)
    irb (1.11.2)
      rdoc
      reline (>= 0.4.2)
    loofah (2.22.0)
      crass (~> 1.0.2)
      nokogiri (>= 1.12.0)
    mini_portile2 (2.8.5)
    minitest (5.22.2)
    mutex_m (0.2.0)
    nokogiri (1.16.2)
      mini_portile2 (~> 2.8.2)
      racc (~> 1.4)
    nokogiri (1.16.2-aarch64-linux)
      racc (~> 1.4)
    nokogiri (1.16.2-arm64-darwin)
      racc (~> 1.4)
    nokogiri (1.16.2-x86_64-darwin)
      racc (~> 1.4)
    nokogiri (1.16.2-x86_64-linux)
      racc (~> 1.4)
    psych (5.1.2)
      stringio
    racc (1.7.3)
    rack (3.0.9.1)
    rack-session (2.0.0)
      rack (>= 3.0.0)
    rack-test (2.1.0)
      rack (>= 1.3)
    rackup (2.1.0)
      rack (>= 3)
      webrick (~> 1.8)
    rails-dom-testing (2.2.0)
      activesupport (>= 5.0.0)
      minitest
      nokogiri (>= 1.6)
    rails-html-sanitizer (1.6.0)
      loofah (~> 2.21)
      nokogiri (~> 1.14)
    railties (7.1.3.2)
      actionpack (= 7.1.3.2)
      activesupport (= 7.1.3.2)
      irb
      rackup (>= 1.0.0)
      rake (>= 12.2)
      thor (~> 1.0, >= 1.2.2)
      zeitwerk (~> 2.6)
    rake (13.0.6)
    rdoc (6.6.2)
      psych (>= 4.0.0)
    redis (4.1.4)
    redis-scripting (1.0.1)
      redis (>= 3.0)
    reline (0.4.3)
      io-console (~> 0.5)
    rspec (3.12.0)
      rspec-core (~> 3.12.0)
      rspec-expectations (~> 3.12.0)
      rspec-mocks (~> 3.12.0)
    rspec-core (3.12.2)
      rspec-support (~> 3.12.0)
    rspec-expectations (3.12.3)
      diff-lcs (>= 1.2.0, < 2.0)
      rspec-support (~> 3.12.0)
    rspec-mocks (3.12.6)
      diff-lcs (>= 1.2.0, < 2.0)
      rspec-support (~> 3.12.0)
    rspec-support (3.12.1)
    sentry-ruby (5.10.0)
      concurrent-ruby (~> 1.0, >= 1.0.2)
    statsd-ruby (1.5.0)
    stringio (3.1.0)
    thor (1.2.2)
    timecop (0.9.8)
    timeout (0.4.1)
    tzinfo (2.0.6)
      concurrent-ruby (~> 1.0)
    webrick (1.8.1)
    zeitwerk (2.6.11)

PLATFORMS
  aarch64-linux
  arm64-darwin
  ruby
  x86_64-darwin
  x86_64-linux

DEPENDENCIES
  bundler
  byebug
  canvas_cache!
  config_file!
  rspec
  timecop

BUNDLED WITH
   2.4.19
